GIT
  remote: git://github.com/makevoid/voidtools
  revision: 707a87770f52790fdd9fec1518f21dd0069681c7
  specs:
    voidtools (0.2.4)

GEM
  remote: http://rubygems.org/
  specs:
    backports (2.3.0)
    haml (3.1.2)
    monkey-lib (0.5.4)
      backports
    rack (1.3.2)
    rack-flash (0.1.2)
      rack
    sass (3.1.7)
    sinatra (1.2.6)
      rack (~> 1.1)
      tilt (< 2.0, >= 1.2.2)
    sinatra-advanced-routes (0.5.1)
      monkey-lib (~> 0.5.0)
      sinatra (~> 1.0)
      sinatra-sugar (~> 0.5.0)
    sinatra-content-for (0.2)
      sinatra
    sinatra-reloader (0.5.0)
      sinatra (~> 1.0)
      sinatra-advanced-routes (~> 0.5.0)
    sinatra-sugar (0.5.1)
      monkey-lib (~> 0.5.0)
      sinatra (~> 1.0)
    tilt (1.3.2)
    url2png (0.0.6)

PLATFORMS
  ruby

DEPENDENCIES
  haml
  rack-flash
  sass
  sinatra
  sinatra-content-for
  sinatra-reloader
  url2png
  voidtools!
